GEM
  remote: https://rubygems.org/
  specs:
    dotenv (2.0.2)
    faraday (0.9.1)
      multipart-post (>= 1.2, < 3)
    foreman (0.78.0)
      thor (~> 0.19.1)
    gibbon (2.0.0)
      faraday (>= 0.9.1)
      multi_json (>= 1.11.0)
    haml (4.0.6)
      tilt
    multi_json (1.11.2)
    multipart-post (2.0.0)
    rack (1.6.4)
    rack-flash3 (1.0.5)
      rack
    rack-protection (1.5.3)
      rack
    sass (3.4.5)
    sinatra (1.4.6)
      rack (~> 1.4)
      rack-protection (~> 1.4)
      tilt (>= 1.3, < 3)
    thor (0.19.1)
    tilt (2.0.1)

PLATFORMS
  ruby

DEPENDENCIES
  dotenv
  foreman
  gibbon (= 2.0.0)
  haml (= 4.0.6)
  rack-flash3 (= 1.0.5)
  sass (= 3.4.5)
  sinatra (= 1.4.6)

BUNDLED WITH
   1.10.4
